GIT
  remote: git://github.com/bdigital/bloomfilter-rb.git
  revision: eb3f3135a59762394bcf87c07a82b7fbbc724bdb
  specs:
    bloomfilter-rb (2.1.1)
      redis

GEM
  remote: https://rubygems.org/
  specs:
    activesupport (3.2.11)
      i18n (~> 0.6)
      multi_json (~> 1.0)
    celluloid (0.12.4)
      facter (>= 1.6.12)
      timers (>= 1.0.0)
    columnize (0.3.6)
    connection_pool (1.0.0)
    facter (4.1.1)
      hocon (~> 1.3)
      thor (>= 1.0.1, < 2.0)
    hocon (1.3.1)
    httpclient (2.3.2)
    i18n (0.6.1)
    jdbc-postgres (9.1.901)
    linecache (1.3.1)
    mini_portile2 (2.5.1)
    multi_json (1.5.0)
    nokogiri (1.11.5)
      mini_portile2 (~> 2.5.0)
      racc (~> 1.4)
    nokogiri (1.11.5-java)
      racc (~> 1.4)
    racc (1.5.2)
    racc (1.5.2-java)
    rack (1.5.1)
    rack-protection (1.3.2)
      rack
    redis (3.0.2)
    redis-namespace (1.2.1)
      redis (~> 3.0.0)
    ruby-debug (0.10.4)
      columnize (>= 0.1)
      ruby-debug-base (~> 0.10.4.0)
    ruby-debug-base (0.10.4)
      linecache (>= 0.3)
    ruby-debug-base (0.10.4-java)
    sidekiq (2.6.5)
      celluloid (~> 0.12.0)
      connection_pool (~> 1.0)
      multi_json (~> 1)
      redis (~> 3)
      redis-namespace
    simple-rss (1.2.3)
    sinatra (1.3.4)
      rack (~> 1.4)
      rack-protection (~> 1.3)
      tilt (~> 1.3, >= 1.3.3)
    slim (1.3.6)
      temple (~> 0.5.5)
      tilt (~> 1.3.3)
    temple (0.5.5)
    thor (1.1.0)
    tilt (1.3.3)
    timers (1.1.0)

PLATFORMS
  java
  ruby

DEPENDENCIES
  activesupport
  bloomfilter-rb!
  httpclient
  jdbc-postgres (= 9.1.901)
  nokogiri
  ruby-debug
  sidekiq
  simple-rss
  sinatra
  slim
