GIT
  remote: https://github.com/bdigital/bloomfilter-rb.git
  revision: eb3f3135a59762394bcf87c07a82b7fbbc724bdb
  specs:
    bloomfilter-rb (2.1.1)
      redis

GEM
  remote: https://rubygems.org/
  specs:
    activesupport (6.1.7.3)
      concurrent-ruby (~> 1.0, >= 1.0.2)
      i18n (>= 1.6, < 2)
      minitest (>= 5.1)
      tzinfo (~> 2.0)
      zeitwerk (~> 2.3)
    columnize (0.3.6)
    concurrent-ruby (1.2.2)
    connection_pool (2.4.0)
    httpclient (2.3.2)
    i18n (1.12.0)
      concurrent-ruby (~> 1.0)
    jdbc-postgres (9.1.901)
    linecache (1.3.1)
    mini_portile2 (2.8.1)
    minitest (5.18.0)
    mustermann (3.0.0)
      ruby2_keywords (~> 0.0.1)
    nokogiri (1.14.3)
      mini_portile2 (~> 2.8.0)
      racc (~> 1.4)
    nokogiri (1.14.3-java)
      racc (~> 1.4)
    racc (1.6.2)
    racc (1.6.2-java)
    rack (2.2.6.4)
    rack-protection (3.0.6)
      rack
    redis (5.0.6)
      redis-client (>= 0.9.0)
    redis-client (0.14.1)
      connection_pool
    ruby-debug (0.10.4)
      columnize (>= 0.1)
      ruby-debug-base (~> 0.10.4.0)
    ruby-debug-base (0.10.4)
      linecache (>= 0.3)
    ruby-debug-base (0.10.4-java)
    ruby2_keywords (0.0.5)
    sidekiq (7.0.9)
      concurrent-ruby (< 2)
      connection_pool (>= 2.3.0)
      rack (>= 2.2.4)
      redis-client (>= 0.11.0)
    simple-rss (1.2.3)
    sinatra (3.0.6)
      mustermann (~> 3.0)
      rack (~> 2.2, >= 2.2.4)
      rack-protection (= 3.0.6)
      tilt (~> 2.0)
    slim (5.1.0)
      temple (~> 0.10.0)
      tilt (>= 2.0.6, < 2.2)
    temple (0.10.0)
    tilt (2.1.0)
    tzinfo (2.0.6)
      concurrent-ruby (~> 1.0)
    zeitwerk (2.6.7)

PLATFORMS
  java
  ruby

DEPENDENCIES
  activesupport
  bloomfilter-rb!
  httpclient
  jdbc-postgres (= 9.1.901)
  nokogiri
  ruby-debug
  sidekiq
  simple-rss
  sinatra
  slim
