GIT
  remote: git://github.com/bdigital/bloomfilter-rb.git
  revision: eb3f3135a59762394bcf87c07a82b7fbbc724bdb
  specs:
    bloomfilter-rb (2.1.1)
      redis

GEM
  remote: https://rubygems.org/
  specs:
    activesupport (6.1.3.2)
      concurrent-ruby (~> 1.0, >= 1.0.2)
      i18n (>= 1.6, < 2)
      minitest (>= 5.1)
      tzinfo (~> 2.0)
      zeitwerk (~> 2.3)
    columnize (0.3.6)
    concurrent-ruby (1.1.8)
    connection_pool (2.2.5)
    httpclient (2.3.2)
    i18n (1.8.10)
      concurrent-ruby (~> 1.0)
    jdbc-postgres (9.1.901)
    linecache (1.3.1)
    mini_portile2 (2.6.1)
    minitest (5.14.4)
    nokogiri (1.12.5)
      mini_portile2 (~> 2.6.1)
      racc (~> 1.4)
    nokogiri (1.12.5-java)
      racc (~> 1.4)
    racc (1.5.2)
    racc (1.5.2-java)
    rack (1.6.13)
    rack-protection (1.5.5)
      rack
    redis (4.4.0)
    ruby-debug (0.10.4)
      columnize (>= 0.1)
      ruby-debug-base (~> 0.10.4.0)
    ruby-debug-base (0.10.4)
      linecache (>= 0.3)
    ruby-debug-base (0.10.4-java)
    sidekiq (5.2.8)
      connection_pool (~> 2.2, >= 2.2.2)
      rack (< 2.1.0)
      rack-protection (>= 1.5.0)
      redis (>= 3.3.5, < 5)
    simple-rss (1.2.3)
    sinatra (1.3.4)
      rack (~> 1.4)
      rack-protection (~> 1.3)
      tilt (~> 1.3, >= 1.3.3)
    slim (1.3.6)
      temple (~> 0.5.5)
      tilt (~> 1.3.3)
    temple (0.5.5)
    tilt (1.3.3)
    tzinfo (2.0.4)
      concurrent-ruby (~> 1.0)
    zeitwerk (2.4.2)

PLATFORMS
  java
  ruby

DEPENDENCIES
  activesupport
  bloomfilter-rb!
  httpclient
  jdbc-postgres (= 9.1.901)
  nokogiri
  ruby-debug
  sidekiq
  simple-rss
  sinatra
  slim
